PATH
  remote: ../rulers
  specs:
    rulers (0.0.2)
      erubis
      multi_json
      rack (~> 2.2)
      sqlite3
      webrick

GEM
  remote: https://rubygems.org/
  specs:
    coderay (1.1.3)
    erubis (2.7.0)
    method_source (1.1.0)
    multi_json (1.15.0)
    pry (0.14.2)
      coderay (~> 1.1)
      method_source (~> 1.0)
    rack (2.2.9)
    sqlite3 (2.0.2-arm64-darwin)
    webrick (1.8.1)

PLATFORMS
  arm64-darwin-23
  ruby

DEPENDENCIES
  pry
  rulers!

BUNDLED WITH
   2.5.14
